GEM
  remote: https://rubygems.org/
  specs:
    chronic_duration (0.10.6)
      numerizer (~> 0.1.1)
    coderay (1.1.2)
    method_source (0.9.2)
    mini_portile2 (2.4.0)
    nokogiri (1.10.7)
      mini_portile2 (~> 2.4.0)
    numerizer (0.1.1)
    pry (0.12.2)
      coderay (~> 1.1.0)
      method_source (~> 0.9.0)
    spec (5.3.4)
      chronic_duration (~> 0.10.2)

PLATFORMS
  ruby

DEPENDENCIES
  nokogiri
  pry
  spec

RUBY VERSION
   ruby 2.5.1p57

BUNDLED WITH
   2.1.4
